{
    "Modality": "MR",
    "MagneticFieldStrength": 3,
    "ImagingFrequency": 123.259,
    "Manufacturer": "Siemens",
    "ManufacturersModelName": "Prisma",
    "InstitutionName": "CMR of Peking Univeristy",
    "InstitutionalDepartmentName": "Department",
    "InstitutionAddress": "Yiheyuan Road 5,Beijing  0FCA35,Haidian,CN,100871",
    "DeviceSerialNumber": "66014",
    "StationName": "AWP66014",
    "BodyPartExamined": "HEAD",
    "PatientPosition": "HFS",
    "ProcedureStepDescription": "Research^Projects_64CH",
    "SoftwareVersions": "syngo MR E11",
    "MRAcquisitionType": "2D",
    "SeriesDescription": "fMRI_Rest1_AP",
    "ProtocolName": "fMRI_Rest1_AP",
    "ScanningSequence": "EP",
    "SequenceVariant": "SK",
    "ScanOptions": "PFP\\FS",
    "SequenceName": "*epfid2d1_106",
    "ImageType": [
        "ORIGINAL",
        "PRIMARY",
        "M",
        "ND",
        "MOSAIC"
    ],
    "SeriesNumber": 5,
    "AcquisitionTime": "10:01:35.115000",
    "AcquisitionNumber": 1,
    "SliceThickness": 2,
    "SpacingBetweenSlices": 2,
    "SAR": 0.0982473,
    "EchoTime": 0.03,
    "RepetitionTime": 0.71,
    "FlipAngle": 54,
    "PartialFourier": 0.875,
    "BaseResolution": 106,
    "ShimSetting": [
        -3453,
        -2100,
        -1865,
        280,
        61,
        -308,
        -104,
        19
    ],
    "TxRefAmp": 260.357,
    "PhaseResolution": 1,
    "ReceiveCoilName": "HeadNeck_64",
    "ReceiveCoilActiveElements": "HC1-7;NC1,2",
    "PulseSequenceDetails": "%SiemensSeq%\\ep2d_bold",
    "RefLinesPE": 32,
    "CoilCombinationMethod": "Sum of Squares",
    "ConsistencyInfo": "N4_VE11C_LATEST_20160120",
    "MultibandAccelerationFactor": 8,
    "PercentPhaseFOV": 100,
    "PercentSampling": 100,
    "EchoTrainLength": 93,
    "PhaseEncodingSteps": 93,
    "AcquisitionMatrixPE": 106,
    "ReconMatrixPE": 106,
    "BandwidthPerPixelPhaseEncode": 16.551,
    "EffectiveEchoSpacing": 0.000569994,
    "DerivedVendorReportedEchoSpacing": 0.000569994,
    "TotalReadoutTime": 0.0598493,
    "PixelBandwidth": 2360,
    "DwellTime": 2e-06,
    "PhaseEncodingDirection": "j-",
    "SliceTiming": [
        0.3075,
        0,
        0.3825,
        0.0775,
        0.46,
        0.1525,
        0.5375,
        0.23,
        0.6125,
        0.3075,
        0,
        0.3825,
        0.0775,
        0.46,
        0.1525,
        0.5375,
        0.23,
        0.6125,
        0.3075,
        0,
        0.3825,
        0.0775,
        0.46,
        0.1525,
        0.5375,
        0.23,
        0.6125,
        0.3075,
        0,
        0.3825,
        0.0775,
        0.46,
        0.1525,
        0.5375,
        0.23,
        0.6125,
        0.3075,
        0,
        0.3825,
        0.0775,
        0.46,
        0.1525,
        0.5375,
        0.23,
        0.6125,
        0.3075,
        0,
        0.3825,
        0.0775,
        0.46,
        0.1525,
        0.5375,
        0.23,
        0.6125,
        0.3075,
        0,
        0.3825,
        0.0775,
        0.46,
        0.1525,
        0.5375,
        0.23,
        0.6125,
        0.3075,
        0,
        0.3825,
        0.0775,
        0.46,
        0.1525,
        0.5375,
        0.23,
        0.6125
    ],
    "ImageOrientationPatientDICOM": [
        0.999792,
        0.017335,
        0.0107615,
        -0.0174514,
        0.999789,
        0.0108197
    ],
    "ImageOrientationText": "Tra>Cor(0.6)>Sag(0.6)",
    "InPlanePhaseEncodingDirectionDICOM": "COL",
    "ConversionSoftware": "dcm2niix",
    "ConversionSoftwareVersion": "v1.0.20211006",
    "Dcm2bidsVersion": "2.1.6",
    "TaskName": "rest"
}