{
    "Modality": "MR",
    "MagneticFieldStrength": 3,
    "ImagingFrequency": 123.259,
    "Manufacturer": "Siemens",
    "ManufacturersModelName": "Prisma",
    "InstitutionName": "CMR of Peking Univeristy",
    "InstitutionalDepartmentName": "Department",
    "InstitutionAddress": "Yiheyuan Road 5,Beijing  0FCA35,Haidian,CN,100871",
    "DeviceSerialNumber": "66014",
    "StationName": "AWP66014",
    "BodyPartExamined": "HEAD",
    "PatientPosition": "HFS",
    "ProcedureStepDescription": "Research^Projects_64CH",
    "SoftwareVersions": "syngo MR E11",
    "MRAcquisitionType": "2D",
    "SeriesDescription": "DWI_dir99_PA",
    "ProtocolName": "DWI_dir99_PA",
    "ScanningSequence": "EP",
    "SequenceVariant": "SK\\SP",
    "ScanOptions": "PFP",
    "SequenceName": "*ep_b0",
    "ImageType": [
        "ORIGINAL",
        "PRIMARY",
        "DIFFUSION",
        "NONE",
        "ND",
        "MOSAIC"
    ],
    "SeriesNumber": 14,
    "AcquisitionTime": "17:48:48.315000",
    "AcquisitionNumber": 1,
    "SliceThickness": 1.5,
    "SpacingBetweenSlices": 1.5,
    "SAR": 0.455655,
    "EchoTime": 0.086,
    "RepetitionTime": 3.5,
    "SpoilingState": true,
    "FlipAngle": 90,
    "PartialFourier": 0.75,
    "BaseResolution": 140,
    "ShimSetting": [
        -3453,
        -2109,
        -1900,
        369,
        -15,
        -293,
        -60,
        63
    ],
    "DiffusionScheme": "Monopolar",
    "TxRefAmp": 260.746,
    "PhaseResolution": 1,
    "ReceiveCoilName": "HeadNeck_64",
    "ReceiveCoilActiveElements": "HC1-7;NC1,2",
    "PulseSequenceDetails": "%SiemensSeq%\\ep2d_diff",
    "RefLinesPE": 32,
    "CoilCombinationMethod": "Adaptive Combine",
    "ConsistencyInfo": "N4_VE11C_LATEST_20160120",
    "MultibandAccelerationFactor": 4,
    "PercentPhaseFOV": 100,
    "PercentSampling": 100,
    "EchoTrainLength": 105,
    "PhaseEncodingSteps": 105,
    "AcquisitionMatrixPE": 140,
    "ReconMatrixPE": 140,
    "BandwidthPerPixelPhaseEncode": 10.352,
    "EffectiveEchoSpacing": 0.000689998,
    "DerivedVendorReportedEchoSpacing": 0.000689998,
    "TotalReadoutTime": 0.0959097,
    "PixelBandwidth": 1700,
    "DwellTime": 2.1e-06,
    "PhaseEncodingDirection": "j",
    "SliceTiming": [
        1.67,
        0,
        1.81,
        0.1375,
        1.9475,
        0.2775,
        2.0875,
        0.4175,
        2.2275,
        0.5575,
        2.365,
        0.695,
        2.505,
        0.835,
        2.645,
        0.975,
        2.7825,
        1.1125,
        2.9225,
        1.2525,
        3.0625,
        1.3925,
        3.2,
        1.53,
        3.34,
        1.67,
        0,
        1.81,
        0.1375,
        1.9475,
        0.2775,
        2.0875,
        0.4175,
        2.2275,
        0.5575,
        2.365,
        0.695,
        2.505,
        0.835,
        2.645,
        0.975,
        2.7825,
        1.1125,
        2.9225,
        1.2525,
        3.0625,
        1.3925,
        3.2,
        1.53,
        3.34,
        1.67,
        0,
        1.81,
        0.1375,
        1.9475,
        0.2775,
        2.0875,
        0.4175,
        2.2275,
        0.5575,
        2.365,
        0.695,
        2.505,
        0.835,
        2.645,
        0.975,
        2.7825,
        1.1125,
        2.9225,
        1.2525,
        3.0625,
        1.3925,
        3.2,
        1.53,
        3.34,
        1.67,
        0,
        1.81,
        0.1375,
        1.9475,
        0.2775,
        2.0875,
        0.4175,
        2.2275,
        0.5575,
        2.365,
        0.695,
        2.505,
        0.835,
        2.645,
        0.975,
        2.7825,
        1.1125,
        2.9225,
        1.2525,
        3.0625,
        1.3925,
        3.2,
        1.53,
        3.34
    ],
    "ImageOrientationPatientDICOM": [
        1,
        0,
        0,
        0,
        1,
        0
    ],
    "ImageOrientationText": "Tra",
    "InPlanePhaseEncodingDirectionDICOM": "COL",
    "ConversionSoftware": "dcm2niix",
    "ConversionSoftwareVersion": "v1.0.20211006",
    "Dcm2bidsVersion": "2.1.6"
}