{
    "Modality": "MR",
    "MagneticFieldStrength": 3,
    "ImagingFrequency": 123.259,
    "Manufacturer": "Siemens",
    "ManufacturersModelName": "Prisma",
    "InstitutionName": "CMR of Peking Univeristy",
    "InstitutionalDepartmentName": "Department",
    "InstitutionAddress": "Yiheyuan Road 5,Beijing F259C2,Haidian,CN,100871",
    "DeviceSerialNumber": "66014",
    "StationName": "AWP66014",
    "BodyPartExamined": "HEAD",
    "PatientPosition": "HFS",
    "ProcedureStepDescription": "Research^Projects_64CH",
    "SoftwareVersions": "syngo MR E11",
    "MRAcquisitionType": "2D",
    "SeriesDescription": "fMRI_Rest1_PA",
    "ProtocolName": "fMRI_Rest1_PA",
    "ScanningSequence": "EP",
    "SequenceVariant": "SK",
    "ScanOptions": "PFP\\FS",
    "SequenceName": "*epfid2d1_106",
    "ImageType": [
        "ORIGINAL",
        "PRIMARY",
        "M",
        "ND",
        "MOSAIC"
    ],
    "SeriesNumber": 9,
    "AcquisitionTime": "10:20:56.667500",
    "AcquisitionNumber": 1,
    "SliceThickness": 2,
    "SpacingBetweenSlices": 2,
    "SAR": 0.088643,
    "EchoTime": 0.03,
    "RepetitionTime": 0.71,
    "FlipAngle": 54,
    "PartialFourier": 0.875,
    "BaseResolution": 106,
    "ShimSetting": [
        -3435,
        -2115,
        -1889,
        337,
        59,
        -239,
        -37,
        39
    ],
    "TxRefAmp": 258.728,
    "PhaseResolution": 1,
    "ReceiveCoilName": "HeadNeck_64",
    "ReceiveCoilActiveElements": "HC1-7;NC1,2",
    "PulseSequenceDetails": "%SiemensSeq%\\ep2d_bold",
    "RefLinesPE": 32,
    "CoilCombinationMethod": "Sum of Squares",
    "ConsistencyInfo": "N4_VE11C_LATEST_20160120",
    "MultibandAccelerationFactor": 8,
    "PercentPhaseFOV": 100,
    "PercentSampling": 100,
    "EchoTrainLength": 93,
    "PhaseEncodingSteps": 93,
    "AcquisitionMatrixPE": 106,
    "ReconMatrixPE": 106,
    "BandwidthPerPixelPhaseEncode": 16.551,
    "EffectiveEchoSpacing": 0.000569994,
    "DerivedVendorReportedEchoSpacing": 0.000569994,
    "TotalReadoutTime": 0.0598493,
    "PixelBandwidth": 2360,
    "DwellTime": 2e-06,
    "PhaseEncodingDirection": "j",
    "SliceTiming": [
        0.3075,
        0,
        0.385,
        0.0775,
        0.46,
        0.155,
        0.5375,
        0.23,
        0.615,
        0.3075,
        0,
        0.385,
        0.0775,
        0.46,
        0.155,
        0.5375,
        0.23,
        0.615,
        0.3075,
        0,
        0.385,
        0.0775,
        0.46,
        0.155,
        0.5375,
        0.23,
        0.615,
        0.3075,
        0,
        0.385,
        0.0775,
        0.46,
        0.155,
        0.5375,
        0.23,
        0.615,
        0.3075,
        0,
        0.385,
        0.0775,
        0.46,
        0.155,
        0.5375,
        0.23,
        0.615,
        0.3075,
        0,
        0.385,
        0.0775,
        0.46,
        0.155,
        0.5375,
        0.23,
        0.615,
        0.3075,
        0,
        0.385,
        0.0775,
        0.46,
        0.155,
        0.5375,
        0.23,
        0.615,
        0.3075,
        0,
        0.385,
        0.0775,
        0.46,
        0.155,
        0.5375,
        0.23,
        0.615
    ],
    "ImageOrientationPatientDICOM": [
        0.999133,
        -0.00439556,
        0.0413968,
        0.0104632,
        0.989003,
        -0.147522
    ],
    "ImageOrientationText": "Tra>Cor(-8.5)>Sag(2.3)",
    "InPlanePhaseEncodingDirectionDICOM": "COL",
    "ConversionSoftware": "dcm2niix",
    "ConversionSoftwareVersion": "v1.0.20211006",
    "Dcm2bidsVersion": "2.1.6",
    "TaskName": "rest"
}