{
    "Modality": "MR",
    "MagneticFieldStrength": 3,
    "ImagingFrequency": 123.259,
    "Manufacturer": "Siemens",
    "ManufacturersModelName": "Prisma",
    "InstitutionName": "CMR of Peking Univeristy",
    "InstitutionalDepartmentName": "Department",
    "InstitutionAddress": "Yiheyuan Road 5,Beijing  0FCA35,Haidian,CN,100871",
    "DeviceSerialNumber": "66014",
    "StationName": "AWP66014",
    "BodyPartExamined": "HEAD",
    "PatientPosition": "HFS",
    "ProcedureStepDescription": "Research^Projects_64CH",
    "SoftwareVersions": "syngo MR E11",
    "MRAcquisitionType": "2D",
    "SeriesDescription": "fMRI_run3_AP",
    "ProtocolName": "fMRI_run3_AP",
    "ScanningSequence": "EP",
    "SequenceVariant": "SK",
    "ScanOptions": "PFP\\FS",
    "SequenceName": "*epfid2d1_106",
    "ImageType": [
        "ORIGINAL",
        "PRIMARY",
        "M",
        "ND",
        "MOSAIC"
    ],
    "SeriesNumber": 7,
    "AcquisitionTime": "13:01:3.242500",
    "AcquisitionNumber": 1,
    "SliceThickness": 2,
    "SpacingBetweenSlices": 2,
    "SAR": 0.120803,
    "EchoTime": 0.03,
    "RepetitionTime": 0.71,
    "FlipAngle": 54,
    "PartialFourier": 0.875,
    "BaseResolution": 106,
    "ShimSetting": [
        -3443,
        -2148,
        -1898,
        271,
        54,
        -159,
        107,
        33
    ],
    "TxRefAmp": 273.238,
    "PhaseResolution": 1,
    "ReceiveCoilName": "HeadNeck_64",
    "ReceiveCoilActiveElements": "HC1-7;NC1,2",
    "PulseSequenceDetails": "%SiemensSeq%\\ep2d_bold",
    "RefLinesPE": 32,
    "CoilCombinationMethod": "Sum of Squares",
    "ConsistencyInfo": "N4_VE11C_LATEST_20160120",
    "MultibandAccelerationFactor": 8,
    "PercentPhaseFOV": 100,
    "PercentSampling": 100,
    "EchoTrainLength": 93,
    "PhaseEncodingSteps": 93,
    "AcquisitionMatrixPE": 106,
    "ReconMatrixPE": 106,
    "BandwidthPerPixelPhaseEncode": 16.551,
    "EffectiveEchoSpacing": 0.000569994,
    "DerivedVendorReportedEchoSpacing": 0.000569994,
    "TotalReadoutTime": 0.0598493,
    "PixelBandwidth": 2360,
    "DwellTime": 2e-06,
    "PhaseEncodingDirection": "j-",
    "SliceTiming": [
        0.3075,
        0,
        0.385,
        0.0775,
        0.46,
        0.155,
        0.5375,
        0.23,
        0.615,
        0.3075,
        0,
        0.385,
        0.0775,
        0.46,
        0.155,
        0.5375,
        0.23,
        0.615,
        0.3075,
        0,
        0.385,
        0.0775,
        0.46,
        0.155,
        0.5375,
        0.23,
        0.615,
        0.3075,
        0,
        0.385,
        0.0775,
        0.46,
        0.155,
        0.5375,
        0.23,
        0.615,
        0.3075,
        0,
        0.385,
        0.0775,
        0.46,
        0.155,
        0.5375,
        0.23,
        0.615,
        0.3075,
        0,
        0.385,
        0.0775,
        0.46,
        0.155,
        0.5375,
        0.23,
        0.615,
        0.3075,
        0,
        0.385,
        0.0775,
        0.46,
        0.155,
        0.5375,
        0.23,
        0.615,
        0.3075,
        0,
        0.385,
        0.0775,
        0.46,
        0.155,
        0.5375,
        0.23,
        0.615
    ],
    "ImageOrientationPatientDICOM": [
        0.999944,
        0.00047802,
        0.0105366,
        3.58002e-08,
        0.998972,
        -0.0453243
    ],
    "ImageOrientationText": "Tra>Cor(-2.6)>Sag(0.6)",
    "InPlanePhaseEncodingDirectionDICOM": "COL",
    "ConversionSoftware": "dcm2niix",
    "ConversionSoftwareVersion": "v1.0.20211006",
    "Dcm2bidsVersion": "2.1.6",
    "TaskName": "Chinese-RDR"
}